GEM
  remote: http://rubygems.org/
  specs:
    builder (3.2.2)
    cucumber (1.1.3)
      builder (>= 2.1.2)
      diff-lcs (>= 1.1.2)
      gherkin (~> 2.6.7)
      json (>= 1.4.6)
      term-ansicolor (>= 1.0.6)
    diff-lcs (1.1.3)
    gherkin (2.6.9)
      json (>= 1.4.6)
    json (1.8.1)
    rspec-expectations (2.7.0)
      diff-lcs (~> 1.1.2)
    term-ansicolor (1.2.2)
      tins (~> 0.8)
    tins (0.12.0)

PLATFORMS
  ruby

DEPENDENCIES
  cucumber (= 1.1.3)
  rspec-expectations (= 2.7.0)
